GEM
  remote: http://rubygems.org/
  specs:
    abstract (1.0.0)
    actionmailer (3.0.20)
      actionpack (= 3.0.20)
      mail (~> 2.2.19)
    actionpack (3.0.20)
      activemodel (= 3.0.20)
      activesupport (= 3.0.20)
      builder (~> 2.1.2)
      erubis (~> 2.6.6)
      i18n (~> 0.5.0)
      rack (~> 1.2.5)
      rack-mount (~> 0.6.14)
      rack-test (~> 0.5.7)
      tzinfo (~> 0.3.23)
    activemodel (3.0.20)
      activesupport (= 3.0.20)
      builder (~> 2.1.2)
      i18n (~> 0.5.0)
    activerecord (3.0.20)
      activemodel (= 3.0.20)
      activesupport (= 3.0.20)
      arel (~> 2.0.10)
      tzinfo (~> 0.3.23)
    activeresource (3.0.20)
      activemodel (= 3.0.20)
      activesupport (= 3.0.20)
    activesupport (3.0.20)
    acts_as_list (0.5.0)
      activerecord (>= 3.0)
    annotate (2.4.0)
    arel (2.0.10)
    aws-s3 (0.6.2)
      builder
      mime-types
      xml-simple
    bcrypt (3.1.11)
    bcrypt (3.1.11-x86-mingw32)
    bcrypt-ruby (3.1.5)
      bcrypt (>= 3.1.3)
    bcrypt-ruby (3.1.5-x86-mingw32)
      bcrypt (>= 3.1.3)
    builder (2.1.2)
    cocaine (0.1.0)
    columnize (0.9.0)
    daemons (1.1.8)
    debugger (1.6.8)
      columnize (>= 0.3.1)
      debugger-linecache (~> 1.2.0)
      debugger-ruby_core_source (~> 1.3.5)
    debugger-linecache (1.2.0)
    debugger-ruby_core_source (1.3.8)
    erubis (2.6.6)
      abstract (>= 1.0.0)
    eventmachine (1.0.0)
    eventmachine (1.0.0-x86-mingw32)
    fastercsv (1.5.5)
    hpricot (0.8.4)
    httpclient (2.2.1)
    i18n (0.5.4)
    json (1.8.3)
    kgio (2.9.2)
    mail (2.2.20)
      activesupport (>= 2.3.6)
      i18n (>= 0.4.0)
      mime-types (~> 1.16)
      treetop (~> 1.4.8)
    mime-types (1.25.1)
    newrelic_rpm (3.3.3)
    nokogiri (1.5.2)
    nokogiri (1.5.2-x86-mingw32)
    paperclip (2.3.15)
      activerecord (>= 2.3.0)
      activesupport (>= 2.3.2)
      cocaine (>= 0.0.2)
      mime-types
    pg (0.17.1)
    pg (0.17.1-x86-mingw32)
    polyglot (0.3.5)
    rack (1.2.8)
    rack-mount (0.6.14)
      rack (>= 1.0.0)
    rack-ssl (1.3.2)
      rack
    rack-test (0.5.7)
      rack (>= 1.0)
    rails (3.0.20)
      actionmailer (= 3.0.20)
      actionpack (= 3.0.20)
      activerecord (= 3.0.20)
      activeresource (= 3.0.20)
      activesupport (= 3.0.20)
      bundler (~> 1.0)
      railties (= 3.0.20)
    railties (3.0.20)
      actionpack (= 3.0.20)
      activesupport (= 3.0.20)
      rake (>= 0.8.7)
      rdoc (~> 3.4)
      thor (~> 0.14.4)
    raindrops (0.12.0)
    rake (11.3.0)
    rdoc (3.12.2)
      json (~> 1.4)
    render_inheritable (1.0.0)
      rails (~> 3.0)
    ruby_http_client (3.0.2)
    rubyzip (0.9.6.1)
    sendgrid-ruby (4.0.8)
      ruby_http_client (~> 3.0.1)
    sqlite3 (1.3.3)
    sqlite3 (1.3.3-x86-mingw32)
    thin (1.2.11)
      daemons (>= 1.0.9)
      eventmachine (>= 0.12.6)
      rack (>= 1.0.0)
    thin (1.2.11-x86-mingw32)
      daemons (>= 1.0.9)
      eventmachine (>= 1.0.0.beta.4.1)
      rack (>= 1.0.0)
    thor (0.14.6)
    timeliness (0.3.4)
    treetop (1.4.15)
      polyglot
      polyglot (>= 0.3.1)
    typus (3.0.12)
      bcrypt-ruby
      fastercsv (~> 1.5)
      rails (~> 3.0.9)
      render_inheritable
      will_paginate (~> 3.0.0)
    tzinfo (0.3.52)
    unicorn (4.8.2)
      kgio (~> 2.6)
      rack
      raindrops (~> 0.7)
    validates_timeliness (3.0.6)
      timeliness (~> 0.3.3)
    will_paginate (3.0.12)
    xml-simple (1.1.0)

PLATFORMS
  ruby
  x86-mingw32

DEPENDENCIES
  acts_as_list
  annotate
  aws-s3 (= 0.6.2)
  debugger
  hpricot
  httpclient
  newrelic_rpm
  nokogiri (= 1.5.2)
  paperclip (= 2.3.15)
  pg
  rack-ssl
  rails (= 3.0.20)
  rubyzip (= 0.9.6.1)
  sendgrid-ruby
  sqlite3
  thin
  typus
  unicorn
  validates_timeliness (~> 3.0.2)

RUBY VERSION
   ruby 1.9.3p551

BUNDLED WITH
   1.12.2
